GEM
  remote: https://rubygems.org/
  specs:
    addressable (2.8.1)
      public_suffix (>= 2.0.2, < 6.0)
    capybara (3.38.0)
      addressable
      matrix
      mini_mime (>= 0.1.3)
      nokogiri (~> 1.8)
      rack (>= 1.6.0)
      rack-test (>= 0.6.3)
      regexp_parser (>= 1.5, < 3.0)
      xpath (~> 3.2)
    climate_control (1.2.0)
    commonmarker (0.23.6)
    concurrent-ruby (1.1.10)
    diff-lcs (1.5.0)
    ferrum (0.13)
      addressable (~> 2.5)
      concurrent-ruby (~> 1.1)
      webrick (~> 1.7)
      websocket-driver (>= 0.6, < 0.8)
    matrix (0.4.2)
    mini_magick (4.12.0)
    mini_mime (1.1.2)
    mini_portile2 (2.8.1)
    mustermann (3.0.0)
      ruby2_keywords (~> 0.0.1)
    nio4r (2.5.8)
    nokogiri (1.14.0)
      mini_portile2 (~> 2.8.0)
      racc (~> 1.4)
    nokogiri (1.14.0-x86_64-darwin)
      racc (~> 1.4)
    nokogiri (1.14.0-x86_64-linux)
      racc (~> 1.4)
    public_suffix (5.0.1)
    puma (6.1.0)
      nio4r (~> 2.0)
    racc (1.6.2)
    rack (2.2.6.2)
    rack-protection (3.0.4)
      rack
    rack-test (2.0.2)
      rack (>= 1.3)
    rack-timeout (0.6.3)
    regexp_parser (2.6.1)
    rspec (3.12.0)
      rspec-core (~> 3.12.0)
      rspec-expectations (~> 3.12.0)
      rspec-mocks (~> 3.12.0)
    rspec-core (3.12.1)
      rspec-support (~> 3.12.0)
    rspec-expectations (3.12.2)
      diff-lcs (>= 1.2.0, < 2.0)
      rspec-support (~> 3.12.0)
    rspec-mocks (3.12.3)
      diff-lcs (>= 1.2.0, < 2.0)
      rspec-support (~> 3.12.0)
    rspec-support (3.12.0)
    ruby2_keywords (0.0.5)
    sinatra (3.0.4)
      mustermann (~> 3.0)
      rack (~> 2.2, >= 2.2.4)
      rack-protection (= 3.0.4)
      tilt (~> 2.0)
    tilt (2.0.11)
    webrick (1.7.0)
    websocket-driver (0.7.5)
      websocket-extensions (>= 0.1.0)
    websocket-extensions (0.1.5)
    xpath (3.2.0)
      nokogiri (~> 1.8)

PLATFORMS
  ruby
  x86_64-darwin-21
  x86_64-linux

DEPENDENCIES
  capybara
  climate_control
  commonmarker
  ferrum
  mini_magick
  nokogiri
  puma
  rack-test
  rack-timeout
  rspec
  sinatra

RUBY VERSION
   ruby 3.2.1p31

BUNDLED WITH
   2.4.4
